PATH
  remote: .
  specs:
    tarkin (0.9.2.0)
      arest (>= 0.9.1.1)
      command_line_reporter (>= 3.3.5)
      highline (>= 1.7.2)

GEM
  remote: https://rubygems.org/
  specs:
    activesupport (4.2.1)
      i18n (~> 0.7)
      json (~> 1.7, >= 1.7.7)
      minitest (~> 5.1)
      thread_safe (~> 0.3, >= 0.3.4)
      tzinfo (~> 1.1)
    arest (0.9.1.1)
      activesupport (~> 4.2, >= 4.2.1)
      json (~> 1.8, >= 1.8.3)
    colored (1.2)
    command_line_reporter (3.3.5)
      colored (>= 1.2)
    diff-lcs (1.2.5)
    highline (1.7.2)
    i18n (0.7.0)
    json (1.8.3)
    minitest (5.7.0)
    rspec (3.2.0)
      rspec-core (~> 3.2.0)
      rspec-expectations (~> 3.2.0)
      rspec-mocks (~> 3.2.0)
    rspec-core (3.2.3)
      rspec-support (~> 3.2.0)
    rspec-expectations (3.2.1)
      diff-lcs (>= 1.2.0, < 2.0)
      rspec-support (~> 3.2.0)
    rspec-mocks (3.2.1)
      diff-lcs (>= 1.2.0, < 2.0)
      rspec-support (~> 3.2.0)
    rspec-support (3.2.2)
    thread_safe (0.3.5)
    tzinfo (1.2.2)
      thread_safe (~> 0.1)

PLATFORMS
  ruby

DEPENDENCIES
  bundler (~> 1.8)
  rspec (~> 3.2, >= 3.2.0)
  tarkin!
